GEM
  remote: http://rubygems.org/
  specs:
    addressable (2.2.1)
    autotest (4.4.0)
    autotest-growl (0.2.6)
    crack (0.1.8)
    diff-lcs (1.1.2)
    json (1.4.6)
    rake (0.8.7)
    rcov (0.9.9)
    rspec (2.0.0.rc)
      rspec-core (= 2.0.0.rc)
      rspec-expectations (= 2.0.0.rc)
      rspec-mocks (= 2.0.0.rc)
    rspec-core (2.0.0.rc)
    rspec-expectations (2.0.0.rc)
      diff-lcs (>= 1.1.2)
    rspec-mocks (2.0.0.rc)
      rspec-core (= 2.0.0.rc)
      rspec-expectations (= 2.0.0.rc)
    webmock (1.3.5)
      addressable (>= 2.1.1)
      crack (>= 0.1.7)

PLATFORMS
  ruby

DEPENDENCIES
  autotest
  autotest-growl
  json
  rake
  rcov
  rspec (= 2.0.0.rc)
  webmock
